GEM
  remote: https://rubygems.org/
  specs:
    auto_reloader (0.6.0)
    base64 (0.2.0)
    bcrypt (3.1.20)
    bigdecimal (3.1.8)
    faraday (2.9.0)
      faraday-net_http (>= 2.0, < 3.2)
    faraday-follow_redirects (0.3.0)
      faraday (>= 1, < 3)
    faraday-multipart (1.0.4)
      multipart-post (~> 2)
    faraday-net_http (3.1.0)
      net-http
    hashie (5.0.0)
    json (2.7.2)
    jwt (2.8.1)
      base64
    multipart-post (2.4.1)
    mustermann (3.0.0)
      ruby2_keywords (~> 0.0.1)
    net-http (0.4.1)
      uri
    nio4r (2.7.3)
    puma (6.4.2)
      nio4r (~> 2.0)
    rack (3.0.10)
    rack-cors (2.0.2)
      rack (>= 2.0.0)
    rack-protection (4.0.0)
      base64 (>= 0.1.0)
      rack (>= 3.0.0, < 4)
    rack-session (2.0.0)
      rack (>= 3.0.0)
    rake (13.2.1)
    restforce (7.3.1)
      faraday (>= 1.1.0, < 2.10.0)
      faraday-follow_redirects (<= 0.3.0, < 1.0.0)
      faraday-multipart (>= 1.0.0, < 2.0.0)
      faraday-net_http (< 4.0.0)
      hashie (>= 1.2.0, < 6.0)
      jwt (>= 1.5.6)
    roda (3.79.0)
      rack
    ruby2_keywords (0.0.5)
    sequel (5.80.0)
      bigdecimal
    sequel-paranoid (0.7.0)
      sequel
    sinatra (4.0.0)
      mustermann (~> 3.0)
      rack (>= 3.0.0, < 4)
      rack-protection (= 4.0.0)
      rack-session (>= 2.0.0, < 3)
      tilt (~> 2.0)
    sqlite3 (2.0.1-x86_64-linux-gnu)
    tilt (2.3.0)
    uri (0.13.0)

PLATFORMS
  x86_64-linux

DEPENDENCIES
  auto_reloader
  bcrypt
  json
  puma
  rack
  rack-cors
  rake
  restforce
  roda
  sequel
  sequel-paranoid
  sinatra
  sqlite3
  tilt

BUNDLED WITH
   2.4.22
